GEM
  remote: http://rubygems.org/
  specs:
    RedCloth (4.2.8)
    daemons (1.0.10)
    erubis (2.7.0)
    gem_plugin (0.2.3)
    itextomml (1.4.8)
    json (1.6.1)
    mongrel (1.2.0.pre2)
      daemons (~> 1.0.10)
      gem_plugin (~> 0.2.3)
    nokogiri (1.5.0)
    rack (1.3.4)
    rake (0.9.2)
    rdoc (3.9.4)
    rubyzip (0.9.4)
    sqlite3 (1.3.4)
    sqlite3-ruby (1.3.3)
      sqlite3 (>= 1.3.3)

PLATFORMS
  ruby

DEPENDENCIES
  RedCloth (>= 4.0.0)
  erubis
  itextomml (>= 1.4.6)
  json
  mongrel (>= 1.2.0.pre2)
  nokogiri
  rack (>= 1.1.0)
  rake
  rdoc
  rubyzip
  sqlite3-ruby
